GEM
  remote: https://rubygems.org/
  specs:
    byebug (9.0.6)
    descriptive_statistics (2.5.1)
    diff-lcs (1.3)
    rspec (3.6.0)
      rspec-core (~> 3.6.0)
      rspec-expectations (~> 3.6.0)
      rspec-mocks (~> 3.6.0)
    rspec-core (3.6.0)
      rspec-support (~> 3.6.0)
    rspec-expectations (3.6.0)
      diff-lcs (>= 1.2.0, < 2.0)
      rspec-support (~> 3.6.0)
    rspec-mocks (3.6.0)
      diff-lcs (>= 1.2.0, < 2.0)
      rspec-support (~> 3.6.0)
    rspec-support (3.6.0)
    ruby-progressbar (1.8.1)
    thor (0.19.4)

PLATFORMS
  ruby

DEPENDENCIES
  byebug
  descriptive_statistics
  rspec
  ruby-progressbar
  thor

BUNDLED WITH
   1.12.5
